GEM
  remote: http://rubygems.org/
  specs:
    haml (4.0.3)
      tilt
    mini_magick (3.6.0)
      subexec (~> 0.2.1)
    rack (1.5.2)
    rack-protection (1.5.0)
      rack
    sinatra (1.4.2)
      rack (~> 1.5, >= 1.5.2)
      rack-protection (~> 1.4)
      tilt (~> 1.3, >= 1.3.4)
    subexec (0.2.3)
    tilt (1.4.1)

PLATFORMS
  ruby

DEPENDENCIES
  haml
  mini_magick
  sinatra
